GEM
  remote: https://rubygems.org/
  specs:
    graphql (1.9.17)
    rack (2.0.8)

PLATFORMS
  ruby

DEPENDENCIES
  graphql (~> 1.9.15)
  rack (~> 2.0.8)

RUBY VERSION
   ruby 2.6.3p62

BUNDLED WITH
   2.0.2
